GEM
  remote: https://rubygems.org/
  specs:
    activesupport (4.0.0)
      i18n (~> 0.6, >= 0.6.4)
      minitest (~> 4.2)
      multi_json (~> 1.3)
      thread_safe (~> 0.1)
      tzinfo (~> 0.3.37)
    addressable (2.3.5)
    atomic (1.1.10)
    crack (0.4.1)
      safe_yaml (~> 0.9.0)
    diff-lcs (1.2.4)
    factory_girl (4.2.0)
      activesupport (>= 3.0.0)
    faker (1.2.0)
      i18n (~> 0.5)
    faraday (0.8.8)
      multipart-post (~> 1.2.0)
    faraday_middleware (0.9.0)
      faraday (>= 0.7.4, < 0.9)
    foursquare2 (1.9.7)
      faraday (~> 0.8)
      faraday_middleware (>= 0.8)
      hashie (>= 1.0, < 3.0.0)
    hashie (2.0.5)
    httparty (0.11.0)
      multi_json (~> 1.0)
      multi_xml (>= 0.5.2)
    i18n (0.6.4)
    json (1.8.0)
    minitest (4.7.5)
    multi_json (1.8.0)
    multi_xml (0.5.5)
    multipart-post (1.2.0)
    rack (1.5.2)
    rack-flash3 (1.0.5)
      rack
    rack-protection (1.5.0)
      rack
    rspec (2.14.1)
      rspec-core (~> 2.14.0)
      rspec-expectations (~> 2.14.0)
      rspec-mocks (~> 2.14.0)
    rspec-core (2.14.4)
    rspec-expectations (2.14.0)
      diff-lcs (>= 1.1.3, < 2.0)
    rspec-mocks (2.14.1)
    safe_yaml (0.9.7)
    sinatra (1.4.3)
      rack (~> 1.4)
      rack-protection (~> 1.4)
      tilt (~> 1.3, >= 1.3.4)
    thread_safe (0.1.2)
      atomic
    tilt (1.4.1)
    tzinfo (0.3.37)
    webmock (1.16.0)
      addressable (>= 2.2.7)
      crack (>= 0.3.2)

PLATFORMS
  ruby

DEPENDENCIES
  factory_girl
  faker
  foursquare2
  httparty
  json
  rack-flash3
  rspec
  sinatra
  webmock
